GEM
  remote: http://rubygems.org/
  specs:
    aws-s3 (0.6.2)
      builder
      mime-types
      xml-simple
    builder (3.0.0)
    daemons (1.1.8)
    eventmachine (0.12.10)
    mime-types (1.16)
    rack (1.4.1)
    sinatra (1.1.0)
      rack (~> 1.1)
      tilt (~> 1.1)
    thin (1.2.7)
      daemons (>= 1.0.9)
      eventmachine (>= 0.12.6)
      rack (>= 1.0.0)
    tilt (1.3.3)
    xml-simple (1.1.1)

PLATFORMS
  ruby

DEPENDENCIES
  aws-s3 (= 0.6.2)
  sinatra (= 1.1.0)
  thin (= 1.2.7)
